PATH
  remote: .
  specs:
    rice-dining (0.2.1)
      colorize (~> 0.7)
      nokogiri (~> 1.6)

GEM
  remote: https://rubygems.org/
  specs:
    colorize (0.7.7)
    mini_portile2 (2.0.0)
    nokogiri (1.6.7.2)
      mini_portile2 (~> 2.0.0.rc2)
    rake (11.0.1)

PLATFORMS
  ruby

DEPENDENCIES
  rake
  rice-dining!
